PATH
  remote: .
  specs:
    ncmec_reporting (0.1.0)
      aasm
      builder
      faraday
      fog-aws
      net-ssh
      nokogiri
      typhoeus

GEM
  remote: https://rubygems.org/
  specs:
    aasm (4.7.0)
    builder (3.2.2)
    coderay (1.1.0)
    diff-lcs (1.2.5)
    dotenv (2.1.0)
    ethon (0.8.1)
      ffi (>= 1.3.0)
    excon (0.45.4)
    faraday (0.9.2)
      multipart-post (>= 1.2, < 3)
    ffi (1.9.10)
    fog-aws (0.8.1)
      fog-core (~> 1.27)
      fog-json (~> 1.0)
      fog-xml (~> 0.1)
      ipaddress (~> 0.8)
    fog-core (1.35.0)
      builder
      excon (~> 0.45)
      formatador (~> 0.2)
    fog-json (1.0.2)
      fog-core (~> 1.0)
      multi_json (~> 1.10)
    fog-xml (0.1.2)
      fog-core
      nokogiri (~> 1.5, >= 1.5.11)
    formatador (0.2.5)
    ipaddress (0.8.2)
    method_source (0.8.2)
    mini_portile2 (2.0.0)
    multi_json (1.11.2)
    multipart-post (2.0.0)
    net-ssh (3.0.2)
    nokogiri (1.6.7.2)
      mini_portile2 (~> 2.0.0.rc2)
    pry (0.10.1)
      coderay (~> 1.1.0)
      method_source (~> 0.8.1)
      slop (~> 3.4)
    rake (10.3.2)
    rspec (3.1.0)
      rspec-core (~> 3.1.0)
      rspec-expectations (~> 3.1.0)
      rspec-mocks (~> 3.1.0)
    rspec-core (3.1.7)
      rspec-support (~> 3.1.0)
    rspec-expectations (3.1.2)
      diff-lcs (>= 1.2.0, < 2.0)
      rspec-support (~> 3.1.0)
    rspec-mocks (3.1.3)
      rspec-support (~> 3.1.0)
    rspec-support (3.1.2)
    slop (3.6.0)
    typhoeus (1.0.1)
      ethon (>= 0.8.0)
    vcr (3.0.1)

PLATFORMS
  ruby

DEPENDENCIES
  bundler
  dotenv
  ncmec_reporting!
  pry
  rake
  rspec
  vcr

BUNDLED WITH
   1.11.2
